GIT
  remote: git://github.com/hanami/assets.git
  revision: 2b6c91a4779e7a7e566e83c732b8305b8ad4fb4c
  specs:
    hanami-assets (0.3.0)
      hanami-helpers (~> 0.4)
      hanami-utils (~> 0.8)
      tilt (~> 2.0, >= 2.0.2)

GIT
  remote: git://github.com/hanami/controller.git
  revision: 2140038efea7bdcbb6083730540e59aad63d7838
  specs:
    hanami-controller (0.7.0)
      hanami-utils (~> 0.8)
      rack (~> 1.6, >= 1.6.2)

GIT
  remote: git://github.com/hanami/hanami.git
  revision: abd3f856eab280d2439ec8be8481d78d90351bb3
  specs:
    hanami (0.8.0)
      bundler (~> 1.6)
      hanami-assets (~> 0.3)
      hanami-controller (~> 0.7)
      hanami-helpers (~> 0.4)
      hanami-mailer (~> 0.3)
      hanami-router (~> 0.7)
      hanami-utils (~> 0.8)
      hanami-view (~> 0.7)
      thor (~> 0.19)

GIT
  remote: git://github.com/hanami/helpers.git
  revision: b534567a259d60edd648c992ba70044875e6a4fc
  specs:
    hanami-helpers (0.4.0)
      hanami-utils (~> 0.8)

GIT
  remote: git://github.com/hanami/mailer.git
  revision: 50441a5eed8e55f5d4cc08a3684eba73930a305a
  specs:
    hanami-mailer (0.3.0)
      hanami-utils (~> 0.8)
      mail (~> 2.5)
      tilt (~> 2.0, >= 2.0.1)

GIT
  remote: git://github.com/hanami/model.git
  revision: a639406fcd30eaf178fac4b4f1633b1ff9e59742
  specs:
    hanami-model (0.7.0)
      hanami-utils (~> 0.8)
      sequel (~> 4.9)

GIT
  remote: git://github.com/hanami/router.git
  revision: abe47f6077637cfbd8a27a0a2985b05aca1b1f41
  specs:
    hanami-router (0.7.0)
      hanami-utils (~> 0.8)
      http_router (~> 0.11)

GIT
  remote: git://github.com/hanami/utils.git
  revision: f104ea9c43a5b0f61f277f2205ff7b6875bffb2a
  specs:
    hanami-utils (0.8.0)

GIT
  remote: git://github.com/hanami/validations.git
  revision: 611de210910e3d2e822c2085d119abf6aebebe79
  specs:
    hanami-validations (0.6.0)
      dry-validation (~> 0.7)
      hanami-utils (~> 0.8)

GIT
  remote: git://github.com/hanami/view.git
  revision: 32a911be2cef5904f28177c6489ffbcf84022f58
  specs:
    hanami-view (0.7.0)
      hanami-utils (~> 0.8)
      tilt (~> 2.0, >= 2.0.1)

GEM
  remote: https://rubygems.org/
  specs:
    addressable (2.4.0)
    capybara (2.7.1)
      addressable
      mime-types (>= 1.16)
      nokogiri (>= 1.3.3)
      rack (>= 1.0.0)
      rack-test (>= 0.5.4)
      xpath (~> 2.0)
    concurrent-ruby (1.0.2)
    diff-lcs (1.2.5)
    dotenv (2.1.1)
    dry-configurable (0.1.6)
      concurrent-ruby (~> 1.0)
    dry-container (0.3.4)
      concurrent-ruby (~> 1.0)
      dry-configurable (~> 0.1, >= 0.1.3)
    dry-equalizer (0.2.0)
    dry-logic (0.2.3)
      dry-container (~> 0.2, >= 0.2.6)
      dry-equalizer (~> 0.2)
    dry-monads (0.0.1)
    dry-types (0.7.2)
      concurrent-ruby (~> 1.0)
      dry-configurable (~> 0.1)
      dry-container (~> 0.3)
      dry-equalizer (~> 0.2)
      dry-logic (~> 0.2, >= 0.2.3)
      dry-monads (>= 0.0.1)
      inflecto (~> 0.0.0, >= 0.0.2)
    dry-validation (0.7.4)
      concurrent-ruby (~> 1.0)
      dry-configurable (~> 0.1, >= 0.1.3)
      dry-container (~> 0.2, >= 0.2.8)
      dry-equalizer (~> 0.2)
      dry-logic (~> 0.2, >= 0.2.2)
      dry-types (~> 0.6, >= 0.6.0)
    http_router (0.11.2)
      rack (>= 1.0.0)
      url_mount (~> 0.2.1)
    inflecto (0.0.2)
    mail (2.6.4)
      mime-types (>= 1.16, < 4)
    mime-types (3.1)
      mime-types-data (~> 3.2015)
    mime-types-data (3.2016.0521)
    mini_portile2 (2.1.0)
    nokogiri (1.6.8)
      mini_portile2 (~> 2.1.0)
      pkg-config (~> 1.1.7)
    pkg-config (1.1.7)
    rack (1.6.4)
    rack-test (0.6.3)
      rack (>= 1.0)
    rake (11.2.2)
    rspec (3.4.0)
      rspec-core (~> 3.4.0)
      rspec-expectations (~> 3.4.0)
      rspec-mocks (~> 3.4.0)
    rspec-core (3.4.4)
      rspec-support (~> 3.4.0)
    rspec-expectations (3.4.0)
      diff-lcs (>= 1.2.0, < 2.0)
      rspec-support (~> 3.4.0)
    rspec-mocks (3.4.1)
      diff-lcs (>= 1.2.0, < 2.0)
      rspec-support (~> 3.4.0)
    rspec-support (3.4.1)
    sequel (4.35.0)
    shotgun (0.9.1)
      rack (>= 1.0)
    thor (0.19.1)
    tilt (2.0.5)
    url_mount (0.2.1)
      rack
    xpath (2.0.0)
      nokogiri (~> 1.3)

PLATFORMS
  ruby

DEPENDENCIES
  bundler
  capybara
  dotenv (~> 2.0)
  hanami!
  hanami-assets!
  hanami-controller!
  hanami-helpers!
  hanami-mailer!
  hanami-model!
  hanami-router!
  hanami-utils!
  hanami-validations!
  hanami-view!
  rake
  rspec
  shotgun

BUNDLED WITH
   1.12.5
